BrainVision Data Exchange Header File Version 1.0
; Data created by the BrainVision Recorder

[Common Infos]
Codepage=UTF-8
DataFile=S3practica.eeg
MarkerFile=S3practica.vmrk
DataFormat=BINARY
; Data orientation: MULTIPLEXED=ch1,pt1, ch2,pt1 ...
DataOrientation=MULTIPLEXED
NumberOfChannels=10
; Sampling interval in microseconds
SamplingInterval=4000

[Binary Infos]
BinaryFormat=INT_16

[Channel Infos]
; Each entry: Ch<Channel number>=<Name>,<Reference channel name>,
; <Resolution in "Unit">,<Unit>, Future extensions..
; Fields are delimited by commas, some fields might be omitted (empty).
; Commas in channel names are coded as "\1".
Ch1=EOG I,,0.1,µV
Ch2=EOG D,,0.1,µV
Ch3=F3,,0.1,µV
Ch4=F4,,0.1,µV
Ch5=C3,,0.1,µV
Ch6=C4,,0.1,µV
Ch7=P3,,0.1,µV
Ch8=P4,,0.1,µV
Ch9=EMGI,,0.1,µV
Ch10=EMGD,,0.1,µV

[Comment]

BrainVision Recorder Professional   -   V. 1.25.0001


A m p l i f i e r  S e t u p
============================
Number of channels: 10
Sampling Rate [Hz]: 250
Sampling Interval [µS]: 4000

Channels
--------
#     Name      Phys. Chn.    Resolution / Unit   Low Cutoff [s]   High Cutoff [Hz]   Notch [Hz]    Series Res. [kOhm] Gradient         Offset
1     EOG I       1                0.1 µV             10             1000              Off                0                 
2     EOG D       2                0.1 µV             10             1000              Off                0                 
3     F3          3                0.1 µV             10             1000              Off                0                 
4     F4          4                0.1 µV             10             1000              Off                0                 
5     C3          5                0.1 µV             10             1000              Off                0                 
6     C4          6                0.1 µV             10             1000              Off                0                 
7     P3          7                0.1 µV             10             1000              Off                0                 
8     P4          8                0.1 µV             10             1000              Off                0                 
9     EMGI        9                0.1 µV             10             1000              Off                0                 
10    EMGD        10               0.1 µV             10             1000              Off                0                 

S o f t w a r e  F i l t e r s
==============================
Disabled


Data Electrodes Selected Impedance Measurement Range: 0 - 100 kOhm
Impedance [kOhm] at 17:26:24 :
EOG I:        6
EOG D:       10
F3:           1
F4:           1
C3:           1
C4:           1
P3:           2
P4:           4
EMGI:         3
EMGD:         5
Ref:          1
Gnd:          1
